GEM
  remote: http://rubygems.org/
  specs:
    json-schema (1.0.8)

PLATFORMS
  ruby

DEPENDENCIES
  json-schema
