PATH
  remote: .
  specs:
    tent-schemas (0.0.1)
      json-schema

GEM
  remote: https://rubygems.org/
  specs:
    json-schema (1.0.9)
    rake (0.9.2.2)

PLATFORMS
  ruby

DEPENDENCIES
  rake
  tent-schemas!
