PATH
  remote: .
  specs:
    tent-schemas (0.1.0)
      json-schema

GEM
  remote: https://rubygems.org/
  specs:
    json-schema (1.0.8)

PLATFORMS
  ruby

DEPENDENCIES
  tent-schemas!
